GEM
  remote: https://rubygems.org/
  specs:
    coderay (1.1.2)
    cuba (3.9.0)
      rack (>= 1.6.0)
    method_source (0.9.0)
    mini_portile2 (2.3.0)
    nokogiri (1.8.1)
      mini_portile2 (~> 2.3.0)
    pry (0.11.3)
      coderay (~> 1.1.0)
      method_source (~> 0.9.0)
    rack (2.0.3)

PLATFORMS
  ruby

DEPENDENCIES
  cuba
  nokogiri
  pry

BUNDLED WITH
   1.15.4
