GEM
  remote: https://rubygems.org/
  specs:
    mini_portile2 (2.3.0)
    nokogiri (1.8.1)
      mini_portile2 (~> 2.3.0)
    saxerator (0.9.8)

PLATFORMS
  ruby

DEPENDENCIES
  nokogiri
  saxerator

BUNDLED WITH
   1.15.4
